PATH
  remote: .
  specs:
    grpc_calculator (0.1.0)

GEM
  remote: https://rubygems.org/
  specs:
    rake (10.5.0)

PLATFORMS
  ruby

DEPENDENCIES
  bundler (~> 1.15)
  grpc_calculator!
  rake (~> 10.0)

BUNDLED WITH
   1.16.0.pre.2
